GEM
  remote: https://rubygems.org/
  specs:
    atk (3.2.1)
      glib2 (= 3.2.1)
    cairo (1.15.11)
      native-package-installer (>= 1.0.3)
      pkg-config (>= 1.2.2)
    cairo-gobject (3.2.1)
      cairo
      glib2 (= 3.2.1)
    ffi (1.9.21)
    gdk3 (3.2.1)
      cairo-gobject (= 3.2.1)
      gdk_pixbuf2 (= 3.2.1)
      gobject-introspection (= 3.2.1)
      pango (= 3.2.1)
    gdk_pixbuf2 (3.2.1)
      gio2 (= 3.2.1)
    gio2 (3.2.1)
      glib2 (= 3.2.1)
      gobject-introspection (= 3.2.1)
    glib2 (3.2.1)
      native-package-installer (>= 1.0.3)
      pkg-config (>= 1.2.2)
    gobject-introspection (3.2.1)
      glib2 (= 3.2.1)
    gtk2 (3.2.1)
      atk (= 3.2.1)
      gdk_pixbuf2 (= 3.2.1)
      pango (= 3.2.1)
    gtk3 (3.2.1)
      atk (= 3.2.1)
      gdk3 (= 3.2.1)
      gdk_pixbuf2 (= 3.2.1)
      gio2 (= 3.2.1)
      glib2 (= 3.2.1)
      gobject-introspection (= 3.2.1)
      pango (= 3.2.1)
    json (2.1.0)
    libnotify (0.9.4)
      ffi (>= 1.0.11)
    native-package-installer (1.0.6)
    net-ping (2.0.2)
    pango (3.2.1)
      cairo (>= 1.14.0)
      cairo-gobject (= 3.2.1)
      gobject-introspection (= 3.2.1)
    pkg-config (1.2.9)
    ruby-dbus (0.14.1)
    ruby-libappindicator (0.1.5)
      gtk2
      pkg-config
    webkit2-gtk (3.2.1)
      gobject-introspection (= 3.2.1)
      gtk3 (= 3.2.1)

PLATFORMS
  ruby

DEPENDENCIES
  json
  libnotify
  net-ping
  ruby-dbus
  ruby-libappindicator
  webkit2-gtk

BUNDLED WITH
   1.16.1
